GEM
  remote: https://rubygems.org/
  specs:
    activesupport (3.2.11)
      i18n (~> 0.6)
      multi_json (~> 1.0)
    daemons (1.1.9)
    escape_utils (0.2.4)
    eventmachine (1.0.0)
    gemoji (1.4.0)
    github-markdown (0.5.3)
    html-pipeline (0.0.7)
      activesupport (>= 2)
      escape_utils (~> 0.2)
      gemoji (~> 1.0)
      github-markdown (~> 0.5)
      nokogiri (~> 1.4)
      rinku (~> 1.7)
      sanitize (~> 2.0)
    i18n (0.6.1)
    multi_json (1.5.0)
    nokogiri (1.5.6)
    rack (1.5.1)
    rack-protection (1.3.2)
      rack
    rinku (1.7.2)
    sanitize (2.0.3)
      nokogiri (>= 1.4.4, < 1.6)
    sinatra (1.3.4)
      rack (~> 1.4)
      rack-protection (~> 1.3)
      tilt (~> 1.3, >= 1.3.3)
    thin (1.5.0)
      daemons (>= 1.0.9)
      eventmachine (>= 0.12.6)
      rack (>= 1.0.0)
    tilt (1.3.3)

PLATFORMS
  ruby

DEPENDENCIES
  html-pipeline
  sinatra
  thin
